PATH
  remote: .
  specs:
    qry (1.0.0)
      icy (~> 0.3)
      ivo (~> 0.4)
      sequel (~> 5.20)

GEM
  remote: https://rubygems.org/
  specs:
    diff-lcs (1.3)
    icy (0.3.0)
    ivo (0.5.0)
    rspec (3.9.0)
      rspec-core (~> 3.9.0)
      rspec-expectations (~> 3.9.0)
      rspec-mocks (~> 3.9.0)
    rspec-core (3.9.1)
      rspec-support (~> 3.9.1)
    rspec-expectations (3.9.0)
      diff-lcs (>= 1.2.0, < 2.0)
      rspec-support (~> 3.9.0)
    rspec-mocks (3.9.1)
      diff-lcs (>= 1.2.0, < 2.0)
      rspec-support (~> 3.9.0)
    rspec-support (3.9.2)
    sequel (5.29.0)
    sqlite3 (1.4.2)

PLATFORMS
  ruby

DEPENDENCIES
  bundler (~> 2.0)!
  qry!
  rspec (~> 3.9)!
  sqlite3 (~> 1.3)!

RUBY VERSION
   ruby 2.6.3p62

BUNDLED WITH
   2.0.2
